GEM
  remote: https://rubygems.org/
  specs:
    activesupport (6.0.3.4)
      concurrent-ruby (~> 1.0, >= 1.0.2)
      i18n (>= 0.7, < 2)
      minitest (~> 5.1)
      tzinfo (~> 1.1)
      zeitwerk (~> 2.2, >= 2.2.2)
    addressable (2.7.0)
      public_suffix (>= 2.0.2, < 5.0)
    amq-protocol (2.3.1)
    ast (2.4.1)
    bunny (2.15.0)
      amq-protocol (~> 2.3, >= 2.3.1)
    byebug (11.1.1)
    coderay (1.1.2)
    concurrent-ruby (1.1.7)
    crack (0.4.3)
      safe_yaml (~> 1.0.0)
    diff-lcs (1.3)
    docile (1.3.2)
    domain_name (0.5.20190701)
      unf (>= 0.0.5, < 1.0.0)
    faraday (1.1.0)
      multipart-post (>= 1.2, < 3)
      ruby2_keywords
    gds-api-adapters (67.0.1)
      addressable
      link_header
      null_logger
      plek (>= 1.9.0)
      rest-client (~> 2.0)
    govuk_app_config (2.4.1)
      logstasher (>= 1.2.2, < 1.4.0)
      sentry-raven (~> 3.1.1)
      statsd-ruby (~> 1.4.0)
      unicorn (>= 5.4, < 5.8)
    govuk_message_queue_consumer (3.5.0)
      bunny (~> 2.11)
    govuk_schemas (4.1.1)
      json-schema (~> 2.8.0)
    hashdiff (1.0.1)
    http-accept (1.7.0)
    http-cookie (1.0.3)
      domain_name (~> 0.5)
    i18n (1.8.5)
      concurrent-ruby (~> 1.0)
    json-schema (2.8.1)
      addressable (>= 2.4)
    kgio (2.11.3)
    link_header (0.0.8)
    logstash-event (1.2.02)
    logstasher (1.3.0)
      activesupport (>= 4.0)
      logstash-event (~> 1.2.0)
      request_store
    method_source (1.0.0)
    mime-types (3.3.1)
      mime-types-data (~> 3.2015)
    mime-types-data (3.2020.0512)
    minitest (5.14.2)
    multipart-post (2.1.1)
    netrc (0.11.0)
    null_logger (0.0.1)
    parallel (1.19.2)
    parser (2.7.2.0)
      ast (~> 2.4.1)
    plek (4.0.0)
    pry (0.13.0)
      coderay (~> 1.1)
      method_source (~> 1.0)
    pry-byebug (3.9.0)
      byebug (~> 11.0)
      pry (~> 0.13.0)
    public_suffix (4.0.5)
    rack (2.2.3)
    rainbow (3.0.0)
    raindrops (0.19.1)
    rake (13.0.1)
    redis (4.2.1)
    redis-namespace (1.7.0)
      redis (>= 3.0.4)
    regexp_parser (1.8.2)
    request_store (1.5.0)
      rack (>= 1.4)
    rest-client (2.1.0)
      http-accept (>= 1.7.0, < 2.0)
      http-cookie (>= 1.0.2, < 2.0)
      mime-types (>= 1.16, < 4.0)
      netrc (~> 0.8)
    rexml (3.2.4)
    rspec-core (3.9.3)
      rspec-support (~> 3.9.3)
    rspec-expectations (3.9.2)
      diff-lcs (>= 1.2.0, < 2.0)
      rspec-support (~> 3.9.0)
    rspec-mocks (3.9.1)
      diff-lcs (>= 1.2.0, < 2.0)
      rspec-support (~> 3.9.0)
    rspec-support (3.9.3)
    rubocop (0.87.1)
      parallel (~> 1.10)
      parser (>= 2.7.1.1)
      rainbow (>= 2.2.2, < 4.0)
      regexp_parser (>= 1.7)
      rexml
      rubocop-ast (>= 0.1.0, < 1.0)
      ruby-progressbar (~> 1.7)
      unicode-display_width (>= 1.4.0, < 2.0)
    rubocop-ast (0.8.0)
      parser (>= 2.7.1.5)
    rubocop-govuk (3.17.2)
      rubocop (= 0.87.1)
      rubocop-ast (= 0.8.0)
      rubocop-rails (= 2.8.1)
      rubocop-rake (= 0.5.1)
      rubocop-rspec (= 1.42.0)
    rubocop-rails (2.8.1)
      activesupport (>= 4.2.0)
      rack (>= 1.1)
      rubocop (>= 0.87.0)
    rubocop-rake (0.5.1)
      rubocop
    rubocop-rspec (1.42.0)
      rubocop (>= 0.87.0)
    ruby-progressbar (1.10.1)
    ruby2_keywords (0.0.2)
    safe_yaml (1.0.5)
    sentry-raven (3.1.1)
      faraday (>= 1.0)
    simplecov (0.19.0)
      docile (~> 1.1)
      simplecov-html (~> 0.11)
    simplecov-html (0.12.2)
    statsd-ruby (1.4.0)
    thread_safe (0.3.6)
    tzinfo (1.2.7)
      thread_safe (~> 0.1)
    tzinfo-data (1.2020.1)
      tzinfo (>= 1.0.0)
    unf (0.1.4)
      unf_ext
    unf_ext (0.0.7.7)
    unicode-display_width (1.7.0)
    unicorn (5.7.0)
      kgio (~> 2.6)
      raindrops (~> 0.7)
    webmock (3.8.3)
      addressable (>= 2.3.6)
      crack (>= 0.3.2)
      hashdiff (>= 0.4.0, < 2.0.0)
    zeitwerk (2.4.0)

PLATFORMS
  ruby

DEPENDENCIES
  bunny
  gds-api-adapters
  govuk_app_config
  govuk_message_queue_consumer
  govuk_schemas
  plek
  pry-byebug
  rake
  redis
  redis-namespace
  rspec-core
  rspec-expectations
  rspec-mocks
  rubocop-govuk
  simplecov
  tzinfo
  tzinfo-data
  webmock

BUNDLED WITH
   2.1.4
