GEM
  remote: https://rubygems.org/
  specs:
    activesupport (5.2.2)
      concurrent-ruby (~> 1.0, >= 1.0.2)
      i18n (>= 0.7, < 2)
      minitest (~> 5.1)
      tzinfo (~> 1.1)
    addressable (2.6.0)
      public_suffix (>= 2.0.2, < 4.0)
    amq-protocol (2.3.0)
    ast (2.4.0)
    aws-xray-sdk (0.10.2)
      oj (~> 3.0)
    bunny (2.12.1)
      amq-protocol (~> 2.3, >= 2.3.0)
    byebug (9.1.0)
    coderay (1.1.2)
    concurrent-ruby (1.1.4)
    crack (0.4.3)
      safe_yaml (~> 1.0.0)
    diff-lcs (1.3)
    domain_name (0.5.20180417)
      unf (>= 0.0.5, < 1.0.0)
    faraday (0.15.4)
      multipart-post (>= 1.2, < 3)
    ffi (1.9.25)
    gds-api-adapters (57.4.0)
      addressable
      link_header
      null_logger
      plek (>= 1.9.0)
      rack-cache
      rest-client (~> 2.0)
    govuk-lint (3.10.0)
      rubocop (~> 0.58)
      rubocop-rspec (~> 1.28)
      scss_lint
    govuk_app_config (1.11.2)
      aws-xray-sdk (~> 0.10.0)
      logstasher (~> 1.2.2)
      sentry-raven (~> 2.7.1)
      statsd-ruby (~> 1.4.0)
      unicorn (~> 5.4.0)
    govuk_schemas (3.2.0)
      json-schema (~> 2.8.0)
    hashdiff (0.3.7)
    http-cookie (1.0.3)
      domain_name (~> 0.5)
    i18n (1.5.1)
      concurrent-ruby (~> 1.0)
    jaro_winkler (1.5.1)
    json-schema (2.8.0)
      addressable (>= 2.4)
    kgio (2.11.2)
    link_header (0.0.8)
    logstash-event (1.2.02)
    logstasher (1.2.2)
      activesupport (>= 4.0)
      logstash-event (~> 1.2.0)
      request_store
    method_source (0.9.0)
    mime-types (3.2.2)
      mime-types-data (~> 3.2015)
    mime-types-data (3.2018.0812)
    minitest (5.11.3)
    multipart-post (2.0.0)
    netrc (0.11.0)
    null_logger (0.0.1)
    oj (3.7.6)
    parallel (1.12.1)
    parser (2.5.3.0)
      ast (~> 2.4.0)
    plek (2.1.1)
    powerpack (0.1.2)
    pry (0.11.3)
      coderay (~> 1.1.0)
      method_source (~> 0.9.0)
    pry-byebug (3.5.1)
      byebug (~> 9.1)
      pry (~> 0.10)
    public_suffix (3.0.3)
    rack (2.0.6)
    rack-cache (1.8.0)
      rack (>= 0.4)
    rainbow (3.0.0)
    raindrops (0.19.0)
    rake (12.3.2)
    rb-fsevent (0.10.3)
    rb-inotify (0.10.0)
      ffi (~> 1.0)
    redis (4.1.0)
    redis-namespace (1.6.0)
      redis (>= 3.0.4)
    request_store (1.4.1)
      rack (>= 1.4)
    rest-client (2.0.2)
      http-cookie (>= 1.0.2, < 2.0)
      mime-types (>= 1.16, < 4.0)
      netrc (~> 0.8)
    rspec-core (3.8.0)
      rspec-support (~> 3.8.0)
    rspec-expectations (3.8.2)
      diff-lcs (>= 1.2.0, < 2.0)
      rspec-support (~> 3.8.0)
    rspec-mocks (3.8.0)
      diff-lcs (>= 1.2.0, < 2.0)
      rspec-support (~> 3.8.0)
    rspec-support (3.8.0)
    rubocop (0.61.1)
      jaro_winkler (~> 1.5.1)
      parallel (~> 1.10)
      parser (>= 2.5, != 2.5.1.1)
      powerpack (~> 0.1)
      rainbow (>= 2.2.2, < 4.0)
      ruby-progressbar (~> 1.7)
      unicode-display_width (~> 1.4.0)
    rubocop-rspec (1.30.1)
      rubocop (>= 0.60.0)
    ruby-progressbar (1.10.0)
    safe_yaml (1.0.4)
    sass (3.7.2)
      sass-listen (~> 4.0.0)
    sass-listen (4.0.0)
      rb-fsevent (~> 0.9, >= 0.9.4)
      rb-inotify (~> 0.9, >= 0.9.7)
    scss_lint (0.57.1)
      rake (>= 0.9, < 13)
      sass (~> 3.5, >= 3.5.5)
    sentry-raven (2.7.4)
      faraday (>= 0.7.6, < 1.0)
    statsd-ruby (1.4.0)
    thread_safe (0.3.6)
    tzinfo (1.2.5)
      thread_safe (~> 0.1)
    tzinfo-data (1.2018.7)
      tzinfo (>= 1.0.0)
    unf (0.1.4)
      unf_ext
    unf_ext (0.0.7.5)
    unicode-display_width (1.4.0)
    unicorn (5.4.1)
      kgio (~> 2.6)
      raindrops (~> 0.7)
    webmock (3.5.1)
      addressable (>= 2.3.6)
      crack (>= 0.3.2)
      hashdiff

PLATFORMS
  ruby

DEPENDENCIES
  bunny (~> 2.12)
  gds-api-adapters (~> 57.4)
  govuk-lint (~> 3.10)
  govuk_app_config (~> 1.11)
  govuk_schemas (~> 3.2)
  plek (~> 2.1)
  pry-byebug
  rake
  redis (~> 4.1)
  redis-namespace (~> 1.6)
  rspec-core (~> 3.8)
  rspec-expectations (~> 3.8)
  rspec-mocks (~> 3.8)
  tzinfo (~> 1.2)
  tzinfo-data (~> 1.2018)
  webmock (~> 3.5)

BUNDLED WITH
   1.16.0
