GEM
  remote: http://rubygems.org/
  specs:
    PriorityQueue (0.1.2)
    addressable (2.3.6)
    airbrake (4.1.0)
      builder
      multi_json
    amq-protocol (2.0.0)
    builder (3.2.2)
    bunny (2.2.1)
      amq-protocol (>= 2.0.0)
    byebug (3.5.1)
      columnize (~> 0.8)
      debugger-linecache (~> 1.2)
      slop (~> 3.6)
    coderay (1.1.0)
    columnize (0.8.9)
    crack (0.4.2)
      safe_yaml (~> 1.0.0)
    debugger-linecache (1.2.0)
    diff-lcs (1.2.5)
    domain_name (0.5.24)
      unf (>= 0.0.5, < 1.0.0)
    gds-api-adapters (20.1.1)
      link_header
      lrucache (~> 0.1.1)
      null_logger
      plek
      rack-cache
      rest-client (~> 1.8.0)
    govuk_message_queue_consumer (2.0.0)
      bunny (~> 2.2.0)
    http-cookie (1.0.2)
      domain_name (~> 0.5)
    link_header (0.0.8)
    lrucache (0.1.4)
      PriorityQueue (~> 0.1.2)
    method_source (0.8.2)
    mime-types (2.6.1)
    multi_json (1.10.1)
    netrc (0.10.3)
    null_logger (0.0.1)
    plek (1.9.0)
    pry (0.10.1)
      coderay (~> 1.1.0)
      method_source (~> 0.8.1)
      slop (~> 3.4)
    pry-byebug (3.0.1)
      byebug (~> 3.4)
      pry (~> 0.10)
    rack (1.6.4)
    rack-cache (1.2)
      rack (>= 0.4)
    rake (10.4.2)
    redis (3.1.0)
    redis-namespace (1.5.1)
      redis (~> 3.0, >= 3.0.4)
    rest-client (1.8.0)
      http-cookie (>= 1.0.2, < 2.0)
      mime-types (>= 1.16, < 3.0)
      netrc (~> 0.7)
    rspec-core (3.1.4)
      rspec-support (~> 3.1.0)
    rspec-expectations (3.1.1)
      diff-lcs (>= 1.2.0, < 2.0)
      rspec-support (~> 3.1.0)
    rspec-mocks (3.1.1)
      rspec-support (~> 3.1.0)
    rspec-support (3.1.0)
    safe_yaml (1.0.4)
    slop (3.6.0)
    unf (0.1.4)
      unf_ext
    unf_ext (0.0.7.1)
    webmock (1.19.0)
      addressable (>= 2.3.6)
      crack (>= 0.3.2)

PLATFORMS
  ruby

DEPENDENCIES
  airbrake (= 4.1.0)
  gds-api-adapters (= 20.1.1)
  govuk_message_queue_consumer (~> 2.0.0)
  plek (= 1.9.0)
  pry-byebug
  rake (~> 10.4)
  redis (= 3.1.0)
  redis-namespace (= 1.5.1)
  rspec-core (= 3.1.4)
  rspec-expectations (= 3.1.1)
  rspec-mocks (= 3.1.1)
  webmock (= 1.19.0)
